GEM
  remote: http://rubygems.org/
  specs:
    activesupport (4.0.4)
      i18n (~> 0.6, >= 0.6.9)
      minitest (~> 4.2)
      multi_json (~> 1.3)
      thread_safe (~> 0.1)
      tzinfo (~> 0.3.37)
    atomic (1.1.16)
    droiuby (0.2.2)
      activesupport
      multipart-post
      properties-ruby
      rake
      rubyzip (>= 1.0.0)
      thor
    i18n (0.6.9)
    logeasy (0.0.8)
    minitest (4.7.5)
    multi_json (1.9.0)
    multipart-post (2.0.0)
    properties-ruby (0.0.4)
      logeasy (>= 0.0.4)
    rake (10.1.1)
    rubyzip (1.1.1)
    thor (0.18.1)
    thread_safe (0.3.0)
      atomic (>= 1.1.7, < 2)
    tzinfo (0.3.39)

PLATFORMS
  ruby

DEPENDENCIES
  droiuby
